GEM
  remote: https://rubygems.org/
  specs:
    activemodel (4.1.0)
      activesupport (= 4.1.0)
      builder (~> 3.1)
    activesupport (4.1.0)
      i18n (~> 0.6, >= 0.6.9)
      json (~> 1.7, >= 1.7.7)
      minitest (~> 5.1)
      thread_safe (~> 0.1)
      tzinfo (~> 1.1)
    ansi (1.4.3)
    builder (3.2.2)
    citrus (3.0.2)
    coveralls (0.7.0)
      multi_json (~> 1.3)
      rest-client
      simplecov (>= 0.7)
      term-ansicolor
      thor
    docile (1.1.3)
    docopt (0.5.0)
    i18n (0.6.9)
    json (1.8.1)
    mime-types (1.25.1)
    minitest (5.3.3)
    minitest-reporters (1.0.3)
      ansi
      builder
      minitest (>= 5.0)
      ruby-progressbar
    multi_json (1.9.3)
    rake (10.3.2)
    rest-client (1.6.7)
      mime-types (>= 1.16)
    ruby-progressbar (1.4.2)
    simplecov (0.8.2)
      docile (~> 1.1.0)
      multi_json
      simplecov-html (~> 0.8.0)
    simplecov-html (0.8.0)
    term-ansicolor (1.3.0)
      tins (~> 1.0)
    thor (0.19.1)
    thread_safe (0.3.3)
    tins (1.1.0)
    toml-rb (0.3.3)
      citrus (~> 3.0, > 3.0)
    tzinfo (1.1.0)
      thread_safe (~> 0.1)

PLATFORMS
  x86-mingw32

DEPENDENCIES
  activemodel
  activesupport
  coveralls
  docopt
  minitest
  minitest-reporters
  rake
  toml-rb

BUNDLED WITH
  1.10.0.pre
